PATH
  remote: ../
  specs:
    apptap (0.0.2)
      foreman
      thor

GEM
  remote: https://rubygems.org/
  specs:
    foreman (0.57.0)
      thor (>= 0.13.6)
    thor (0.16.0)

PLATFORMS
  ruby

DEPENDENCIES
  apptap!
