PATH
  remote: ../
  specs:
    apptap (0.0.2)
      foreman
      thor

GEM
  remote: https://rubygems.org/
  specs:
    foreman (0.53.0)
      thor (>= 0.13.6)
    thor (0.15.4)

PLATFORMS
  ruby

DEPENDENCIES
  apptap!
